GEM
  remote: http://rubygems.org/
  specs:
    coderay (1.0.5)
    gdata_19 (1.1.3)
    hpricot (0.8.6)
    json (1.6.5)
    method_source (0.7.0)
    pry (0.9.8.2)
      coderay (~> 1.0.5)
      method_source (~> 0.7)
      slop (>= 2.4.4, < 3)
    slop (2.4.4)

PLATFORMS
  ruby

DEPENDENCIES
  gdata_19
  hpricot
  json
  pry
