GEM
  remote: http://rubygems.org/
  specs:
    archive-tar-minitar (0.5.2)
    coderay (1.0.5)
    columnize (0.3.6)
    gdata_19 (1.1.3)
    hpricot (0.8.6)
    json (1.6.5)
    linecache19 (0.5.12)
      ruby_core_source (>= 0.1.4)
    method_source (0.7.0)
    pry (0.9.8.2)
      coderay (~> 1.0.5)
      method_source (~> 0.7)
      slop (>= 2.4.4, < 3)
    ruby-debug-base19 (0.11.25)
      columnize (>= 0.3.1)
      linecache19 (>= 0.5.11)
      ruby_core_source (>= 0.1.4)
    ruby-debug19 (0.11.6)
      columnize (>= 0.3.1)
      linecache19 (>= 0.5.11)
      ruby-debug-base19 (>= 0.11.19)
    ruby_core_source (0.1.5)
      archive-tar-minitar (>= 0.5.2)
    slop (2.4.4)

PLATFORMS
  ruby

DEPENDENCIES
  gdata_19
  hpricot
  json
  pry
  ruby-debug19
